GEM
  remote: http://rubygems.org/
  specs:
    diff-lcs (1.2.1)
    multi_json (1.6.1)
    rspec (2.13.0)
      rspec-core (~> 2.13.0)
      rspec-expectations (~> 2.13.0)
      rspec-mocks (~> 2.13.0)
    rspec-core (2.13.0)
    rspec-expectations (2.13.0)
      diff-lcs (>= 1.1.3, < 2.0)
    rspec-mocks (2.13.0)
    simplecov (0.7.1)
      multi_json (~> 1.0)
      simplecov-html (~> 0.7.1)
    simplecov-html (0.7.1)
    simplecov-rcov (0.2.3)
      simplecov (>= 0.4.1)
    vcr (2.4.0)

PLATFORMS
  ruby

DEPENDENCIES
  rspec
  simplecov
  simplecov-rcov
  vcr
